{
  "InstitutionAddress": "Ammerlaender Heerstr. 114-118, 26129 Oldenburg, Germany",
  "InstitutionName": "University of Oldenburg",
  "InstitutionalDepartmentName": "Department of Psychology",
  "PowerLineFrequency": 50,
  "ManufacturersModelName": "BrainAmp",
  "SoftwareFilters": {
    "Highpass": {
      "cutoff": "0.0159 (Hz)"
    },
    "Lowpass": {
      "cutoff": "250 (Hz)"
    }
  },
  "EEGReference": "Nose",
  "EEGChannelCount": 4,
  "EOGChannelCount": 3,
  "TaskName": "attendedSpeakerParadigm",
  "MiscChannelCount": 7,
  "RecordingType": "continuous",
  "RecordingDuration": 3000,
  "SamplingFrequency": 500,
  "ECGChannelCount": 0,
  "EMGChannelCount": 0
}